GEM
  remote: http://rubygems.org/
  specs:
    addressable (2.3.3)
    diff-lcs (1.1.3)
    launchy (2.2.0)
      addressable (~> 2.3)
    mime-types (1.21)
    nokogiri (1.5.6)
    rest-client (1.6.7)
      mime-types (>= 1.16)
    rspec (2.12.0)
      rspec-core (~> 2.12.0)
      rspec-expectations (~> 2.12.0)
      rspec-mocks (~> 2.12.0)
    rspec-core (2.12.2)
    rspec-expectations (2.12.1)
      diff-lcs (~> 1.1.3)
    rspec-mocks (2.12.2)

PLATFORMS
  ruby

DEPENDENCIES
  launchy
  nokogiri
  rest-client
  rspec
